GEM
  remote: http://rubygems.org/
  specs:
    RedCloth (4.2.9)
    linguistics (2.0.0)
    liquid (2.4.1)
    loggability (0.5.0)
    macaddr (1.6.1)
      systemu (~> 2.5.0)
    rake (10.0.3)
    systemu (2.5.2)
    uuid (2.3.6)
      macaddr (~> 1.0)

PLATFORMS
  ruby

DEPENDENCIES
  RedCloth
  linguistics
  liquid
  loggability
  rake
  uuid
