GEM
  remote: http://rubygems.org/
  specs:
    rake (10.0.3)
    rdiscount (1.6.8)

PLATFORMS
  ruby

DEPENDENCIES
  rake
  rdiscount
